GIT
  remote: git://github.com/capistrano/sshkit.git
  revision: 14f658e87db64bab925b7b466e8f32478588f29a
  specs:
    sshkit (0.0.34)
      net-scp
      net-ssh
      term-ansicolor

GEM
  remote: https://rubygems.org/
  specs:
    capistrano (3.0.0.pre14)
      i18n
      rake (>= 10.0.0)
      sshkit (>= 0.0.23)
    i18n (0.6.4)
    net-scp (1.1.2)
      net-ssh (>= 2.6.5)
    net-ssh (2.6.8)
    rake (10.1.0)
    term-ansicolor (1.2.2)
      tins (~> 0.8)
    tins (0.8.3)

PLATFORMS
  ruby

DEPENDENCIES
  capistrano (>= 3.0.0.beta)
  sshkit!
